PATH
  remote: .
  specs:
    main_branch_shared_rubocop_config (0.1.0)

GEM
  remote: https://rubygems.org/
  specs:
    create_github_release (1.5.0)
      version_boss (~> 0.1)
    rake (13.2.1)
    thor (1.3.2)
    version_boss (0.1.0)
      thor (~> 1.3)

PLATFORMS
  arm64-darwin-24
  ruby

DEPENDENCIES
  create_github_release (~> 1.5)
  main_branch_shared_rubocop_config!
  rake (~> 13.0)

BUNDLED WITH
   2.5.16
